GEM
  remote: https://rubygems.org/
  specs:
    excon (0.16.10)
    heroku-api (0.3.7)
      excon (~> 0.16.10)
    rack (1.4.4)
    rack-protection (1.3.2)
      rack
    sinatra (1.3.3)
      rack (~> 1.3, >= 1.3.6)
      rack-protection (~> 1.2)
      tilt (~> 1.3, >= 1.3.3)
    tilt (1.3.3)

PLATFORMS
  ruby

DEPENDENCIES
  heroku-api
  sinatra
